GEM
  remote: http://rubygems.org/
  specs:
    memoize (1.3.1)

PLATFORMS
  ruby

DEPENDENCIES
  memoize
